GEM
  remote: https://rubygems.org/
  specs:
    rack (2.0.4)
    slim (3.0.9)
      temple (>= 0.7.6, < 0.9)
      tilt (>= 1.3.3, < 2.1)
    temple (0.8.0)
    tilt (2.0.8)

PLATFORMS
  ruby

DEPENDENCIES
  rack
  slim

RUBY VERSION
   ruby 2.4.2p198

BUNDLED WITH
   1.16.1
